GEM
  remote: http://rubygems.org/
  specs:
    axlsx (1.3.4)
      htmlentities (~> 4.3.1)
      nokogiri (>= 1.4.1)
      rubyzip (>= 0.9.5)
    htmlentities (4.3.1)
    nokogiri (1.5.6)
    rubyzip (0.9.9)

PLATFORMS
  ruby

DEPENDENCIES
  axlsx
